PATH
  remote: ../judoscale-ruby
  specs:
    judoscale-ruby (1.10.0)

PATH
  remote: .
  specs:
    judoscale-rack (1.10.0)
      judoscale-ruby (= 1.10.0)
      rack

GEM
  remote: https://rubygems.org/
  specs:
    base64 (0.2.0)
    logger (1.7.0)
    minitest (5.25.4)
    mustermann (3.0.3)
      ruby2_keywords (~> 0.0.1)
    rack (3.1.13)
    rack-protection (4.1.1)
      base64 (>= 0.1.0)
      logger (>= 1.6.0)
      rack (>= 3.0.0, < 4)
    rack-session (2.1.0)
      base64 (>= 0.1.0)
      rack (>= 3.0.0)
    rack-test (2.2.0)
      rack (>= 1.3)
    rake (13.2.1)
    ruby2_keywords (0.0.5)
    sinatra (4.1.1)
      logger (>= 1.6.0)
      mustermann (~> 3.0)
      rack (>= 3.0.0, < 4)
      rack-protection (= 4.1.1)
      rack-session (>= 2.0.0, < 3)
      tilt (~> 2.0)
    tilt (2.6.0)

PLATFORMS
  arm64-darwin
  x86_64-linux

DEPENDENCIES
  judoscale-rack!
  judoscale-ruby!
  minitest (= 5.25.4)
  rack-test
  rake
  sinatra (>= 2.0)

BUNDLED WITH
   2.6.8
