PATH
  remote: ../judoscale-ruby
  specs:
    judoscale-ruby (1.11.1)

PATH
  remote: .
  specs:
    judoscale-resque (1.11.1)
      judoscale-ruby (= 1.11.1)
      resque (>= 2.0)

GEM
  remote: https://rubygems.org/
  specs:
    base64 (0.3.0)
    connection_pool (2.5.3)
    minitest (5.25.4)
    mono_logger (1.1.2)
    multi_json (1.15.0)
    mustermann (3.0.3)
      ruby2_keywords (~> 0.0.1)
    rack (2.2.17)
    rack-protection (3.2.0)
      base64 (>= 0.1.0)
      rack (~> 2.2, >= 2.2.4)
    rake (13.3.0)
    redis (5.4.1)
      redis-client (>= 0.22.0)
    redis-client (0.25.1)
      connection_pool
    redis-namespace (1.11.0)
      redis (>= 4)
    resque (2.7.0)
      mono_logger (~> 1)
      multi_json (~> 1.0)
      redis-namespace (~> 1.6)
      sinatra (>= 0.9.2)
    ruby2_keywords (0.0.5)
    sinatra (3.2.0)
      mustermann (~> 3.0)
      rack (~> 2.2, >= 2.2.4)
      rack-protection (= 3.2.0)
      tilt (~> 2.0)
    tilt (2.6.1)

PLATFORMS
  arm64-darwin
  x86_64-linux

DEPENDENCIES
  judoscale-resque!
  judoscale-ruby!
  minitest (= 5.25.4)
  multi_json (~> 1.15.0)
  rake
  sinatra (~> 3.2)

BUNDLED WITH
   2.7.1
