PATH
  remote: ../judoscale-ruby
  specs:
    judoscale-ruby (1.12.1)

PATH
  remote: .
  specs:
    judoscale-sidekiq (1.12.1)
      judoscale-ruby (= 1.12.1)
      sidekiq (>= 5.0)

GEM
  remote: https://rubygems.org/
  specs:
    connection_pool (2.5.3)
    json (2.13.2)
    logger (1.7.0)
    minitest (5.25.4)
    rack (3.2.0)
    rake (13.3.0)
    redis-client (0.25.2)
      connection_pool
    sidekiq (8.0.7)
      connection_pool (>= 2.5.0)
      json (>= 2.9.0)
      logger (>= 1.6.2)
      rack (>= 3.1.0)
      redis-client (>= 0.23.2)

PLATFORMS
  arm64-darwin
  x86_64-linux

DEPENDENCIES
  judoscale-ruby!
  judoscale-sidekiq!
  minitest (= 5.25.4)
  rake
  sidekiq (~> 8.0)

BUNDLED WITH
   2.7.1
