PATH
  remote: ../judoscale-ruby
  specs:
    judoscale-ruby (1.11.1)

PATH
  remote: .
  specs:
    judoscale-shoryuken (1.11.1)
      judoscale-ruby (= 1.11.1)
      shoryuken (>= 6.0)

GEM
  remote: https://rubygems.org/
  specs:
    aws-eventstream (1.3.2)
    aws-partitions (1.1090.0)
    aws-sdk-core (3.222.2)
      aws-eventstream (~> 1, >= 1.3.0)
      aws-partitions (~> 1, >= 1.992.0)
      aws-sigv4 (~> 1.9)
      base64
      jmespath (~> 1, >= 1.6.1)
      logger
    aws-sdk-sqs (1.93.0)
      aws-sdk-core (~> 3, >= 3.216.0)
      aws-sigv4 (~> 1.5)
    aws-sigv4 (1.11.0)
      aws-eventstream (~> 1, >= 1.0.2)
    base64 (0.2.0)
    concurrent-ruby (1.3.5)
    jmespath (1.6.2)
    logger (1.7.0)
    minitest (5.25.4)
    rake (13.2.1)
    rexml (3.4.1)
    shoryuken (6.2.1)
      aws-sdk-core (>= 2)
      concurrent-ruby
      thor
    thor (1.3.2)

PLATFORMS
  arm64-darwin
  x86_64-linux

DEPENDENCIES
  aws-sdk-sqs
  judoscale-ruby!
  judoscale-shoryuken!
  minitest (= 5.25.4)
  rake
  rexml
  shoryuken (~> 6.2)

BUNDLED WITH
   2.6.8
